PATH
  remote: .
  specs:
    avodeploy (0.6)
      net-scp (~> 1.2.1)
      net-ssh (~> 2.9.1)
      terminal-table (~> 1.4.5)
      thor (~> 0.19.1)

GEM
  remote: https://rubygems.org/
  specs:
    net-scp (1.2.1)
      net-ssh (>= 2.6.5)
    net-ssh (2.9.2)
    rake (10.4.2)
    terminal-table (1.4.5)
    thor (0.19.1)

PLATFORMS
  ruby

DEPENDENCIES
  avodeploy!
  bundler (~> 1.7)
  rake (~> 10.0)
